PATH
  remote: /Users/yoko/Projects/diametric
  specs:
    diametric (0.1.3-java)
      activemodel (~> 3.2, >= 3.2.16)
      activesupport (~> 3.2, >= 3.2.16)
      datomic-client (~> 0.4, >= 0.4.1)
      edn (~> 1.0, >= 1.0.2)
      jruby-openssl (~> 0.8, >= 0.8.8)
      lock_jar (~> 0.7, >= 0.7.5)
      rake-compiler (~> 0.9, >= 0.9.1)
      rspec (~> 2.14, >= 2.14.1)
      rubyzip (~> 0.9, >= 0.9.9)
      uuid (~> 2.3, >= 2.3.7)

GEM
  remote: https://rubygems.org/
  specs:
    activemodel (3.2.17)
      activesupport (= 3.2.17)
      builder (~> 3.0.0)
    activesupport (3.2.17)
      i18n (~> 0.6, >= 0.6.4)
      multi_json (~> 1.0)
    blankslate (2.1.2.4)
    bouncy-castle-java (1.5.0147)
    builder (3.0.4)
    coderay (1.1.0)
    datomic-client (0.4.1)
      edn (~> 1.0.0)
      rest-client (~> 1.6.7)
    diff-lcs (1.2.5)
    edn (1.0.2)
      parslet (~> 1.4.0)
    ffi (1.9.3-java)
    i18n (0.6.9)
    jruby-openssl (0.9.4)
      bouncy-castle-java (>= 1.5.0147)
    lock_jar (0.7.5)
      naether (~> 0.10.1)
      thor (~> 0.18.1)
    macaddr (1.6.5)
      systemu (~> 2.6.2)
    method_source (0.8.2)
    mime-types (2.1)
    multi_json (1.8.4)
    naether (0.10.1-java)
    parslet (1.4.0)
      blankslate (~> 2.0)
    pry (0.9.12.6-java)
      coderay (~> 1.0)
      method_source (~> 0.8)
      slop (~> 3.4)
      spoon (~> 0.0)
    rake (10.1.1)
    rake-compiler (0.9.2)
      rake
    rest-client (1.6.7)
      mime-types (>= 1.16)
    rspec (2.14.1)
      rspec-core (~> 2.14.0)
      rspec-expectations (~> 2.14.0)
      rspec-mocks (~> 2.14.0)
    rspec-core (2.14.7)
    rspec-expectations (2.14.5)
      diff-lcs (>= 1.1.3, < 2.0)
    rspec-mocks (2.14.5)
    rubyzip (0.9.9)
    slop (3.4.7)
    spoon (0.0.4)
      ffi
    systemu (2.6.3)
    thor (0.18.1)
    uuid (2.3.7)
      macaddr (~> 1.0)

PLATFORMS
  java

DEPENDENCIES
  diametric!
  pry
  rspec
